GEM
  remote: https://rubygems.org/
  specs:
    dotenv (0.7.0)
    foreman (0.67.0)
      dotenv (~> 0.7.0)
      thor (~> 0.17.0)
    newrelic_rpm (3.8.0.218)
    puma (2.8.2)
      rack (>= 1.1, < 2.0)
    rack (1.5.2)
    rack-contrib (1.1.0)
      rack (>= 0.9.1)
    thor (0.17.0)

PLATFORMS
  ruby

DEPENDENCIES
  foreman
  newrelic_rpm
  puma
  rack-contrib
